GEM
  specs:
    rake (10.4.0)

PLATFORMS
  ruby

DEPENDENCIES
  rake
